GEM
  remote: https://rubygems.org/
  specs:
    code_statistics (0.2.13)
    codeclimate-test-reporter (0.4.8)
      simplecov (>= 0.7.1, < 1.0.0)
    docile (1.1.5)
    json (1.8.3)
    m (1.4.2)
      method_source (>= 0.6.7)
      rake (>= 0.9.2.2)
    method_source (0.8.2)
    minitest (5.8.4)
    rake (10.5.0)
    rdoc (4.2.1)
      json (~> 1.4)
    simplecov (0.11.1)
      docile (~> 1.1.0)
      json (~> 1.8)
      simplecov-html (~> 0.10.0)
    simplecov-html (0.10.0)

PLATFORMS
  ruby

DEPENDENCIES
  code_statistics
  codeclimate-test-reporter
  m (~> 1.4.2)
  minitest
  rake
  rdoc
  simplecov

BUNDLED WITH
   1.10.4
